PATH
  remote: .
  specs:
    omega (0.1.0)
      eventmachine

GEM
  remote: https://rubygems.org/
  specs:
    coderay (1.1.2)
    eventmachine (1.2.7)
    method_source (0.9.2)
    pry (0.12.2)
      coderay (~> 1.1.0)
      method_source (~> 0.9.0)
    rake (10.5.0)

PLATFORMS
  ruby

DEPENDENCIES
  bundler (~> 1.16)
  omega!
  pry (~> 0)
  rake (~> 10.0)

BUNDLED WITH
   1.16.6
